GEM
  remote: https://rubygems.org/
  specs:
    actionmailer (2.3.18)
      actionpack (= 2.3.18)
    actionpack (2.3.18)
      activesupport (= 2.3.18)
      rack (~> 1.1.0)
    activerecord (2.3.18)
      activesupport (= 2.3.18)
    activeresource (2.3.18)
      activesupport (= 2.3.18)
    activesupport (2.3.18)
    acts-as-taggable-on (2.0.6)
    ancestry (1.2.5)
      activerecord (>= 2.2.2)
    authlogic (2.1.6)
      activesupport
    babosa (0.3.11)
    friendly_id (3.2.1.1)
      babosa (~> 0.3.0)
    iconv (1.0.4)
    mysql (2.9.1)
    mysql (2.9.1-x86-mingw32)
    nokogiri (1.5.11)
    nokogiri (1.5.11-x86-mingw32)
    paperclip (2.3.11)
      activerecord (>= 2.3.0)
      activesupport (>= 2.3.2)
    rack (1.1.6)
    rails (2.3.18)
      actionmailer (= 2.3.18)
      actionpack (= 2.3.18)
      activerecord (= 2.3.18)
      activeresource (= 2.3.18)
      activesupport (= 2.3.18)
      rake (>= 0.8.3)
    rake (10.4.2)
    rdoc (6.1.2.1)
    rmagick (2.13.3)
    sanitize (2.0.3)
      nokogiri (>= 1.4.4, < 1.6)
    searchlogic (2.4.23)
      activerecord (>= 2.0.0)
    will_paginate (2.3.15)

PLATFORMS
  ruby
  x86-mingw32

DEPENDENCIES
  acts-as-taggable-on (= 2.0.6)
  ancestry (= 1.2.5)
  authlogic (= 2.1.6)
  friendly_id (= 3.2.1.1)
  iconv (~> 1.0.3)
  mysql
  nokogiri (= 1.5.11)
  paperclip (= 2.3.11)
  rails (= 2.3.18)
  rdoc
  rmagick (= 2.13.3)
  sanitize (= 2.0.3)
  searchlogic (= 2.4.23)
  will_paginate (= 2.3.15)

BUNDLED WITH
   1.14.6
